PATH
  remote: .
  specs:
    gitfun (0.1.0)
      commander (~> 4.4.7)
      faker (~> 2.7.0)
      octokit (~> 4.14.0)

GEM
  remote: https://rubygems.org/
  specs:
    addressable (2.7.0)
      public_suffix (>= 2.0.2, < 5.0)
    commander (4.4.7)
      highline (~> 2.0.0)
    concurrent-ruby (1.1.5)
    faker (2.7.0)
      i18n (>= 1.6, < 1.8)
    faraday (0.17.0)
      multipart-post (>= 1.2, < 3)
    highline (2.0.3)
    i18n (1.7.0)
      concurrent-ruby (~> 1.0)
    minitest (5.13.0)
    multipart-post (2.1.1)
    octokit (4.14.0)
      sawyer (~> 0.8.0, >= 0.5.3)
    public_suffix (4.0.1)
    rake (13.0.1)
    sawyer (0.8.2)
      addressable (>= 2.3.5)
      faraday (> 0.8, < 2.0)

PLATFORMS
  ruby

DEPENDENCIES
  bundler (~> 1.17)
  gitfun!
  minitest (~> 5.0)
  rake (~> 13.0)

BUNDLED WITH
   1.17.3
